GEM
  remote: http://rubygems.org/
  specs:
    archive-tar-minitar (0.8)
      minitar (~> 0.8)
      minitar-cli (~> 0.8)
    aws-sdk-core (2.2.26)
      jmespath (~> 1.0)
    bcl (0.5.9)
      archive-tar-minitar
      builder
      faraday
      multi_json
      rexml
      rubyzip
      spreadsheet
      uuid
      yamler
      zliby
    builder (3.2.4)
    colored (1.2)
    dencity (0.1.0)
      faraday
      faraday_middleware
      hashie
      multi_json
      parallel
    faraday (0.17.3)
      multipart-post (>= 1.2, < 3)
    faraday_middleware (0.14.0)
      faraday (>= 0.7.4, < 1.0)
    git (1.3.0)
    hashie (4.1.0)
    jmespath (1.3.1)
    macaddr (1.7.2)
      systemu (~> 2.6.5)
    mini_portile2 (2.1.0)
    minitar (0.8)
    minitar-cli (0.8)
      minitar (~> 0.8.0)
      powerbar (~> 1.0)
    multi_json (1.15.0)
    multipart-post (2.1.1)
    net-scp (1.2.1)
      net-ssh (>= 2.6.5)
    net-ssh (3.0.2)
    nokogiri (1.6.8.1)
      mini_portile2 (~> 2.1.0)
    nokogiri (1.6.8.1-x64-mingw32)
      mini_portile2 (~> 2.1.0)
    openstudio-analysis (1.0.0.rc19)
      bcl (~> 0.5.7)
      dencity (~> 0.1.0)
      faraday (~> 0.8)
      nokogiri (~> 1.6.8)
      roo (~> 2.4)
      rubyzip (~> 1.2)
      semantic (~> 1.4)
    openstudio-aws (0.5.0.rc8)
      aws-sdk-core (= 2.2.26)
      net-scp (~> 1.1)
      net-ssh (= 3.0.2)
      semantic (~> 1.4)
      sshkey (~> 1.7)
    parallel (1.19.2)
    powerbar (1.0.18)
      hashie (>= 1.1.0)
    rake (12.3.3)
    rexml (3.2.4)
    roo (2.8.3)
      nokogiri (~> 1)
      rubyzip (>= 1.3.0, < 3.0.0)
    ruby-ole (1.2.12.2)
    rubyzip (1.3.0)
    semantic (1.6.0)
    spreadsheet (1.2.6)
      ruby-ole (>= 1.0)
    sshkey (1.9.0)
    systemu (2.6.5)
    uuid (2.3.9)
      macaddr (~> 1.0)
    yamler (0.1.0)
    zliby (0.0.5)

PLATFORMS
  ruby
  x64-mingw32

DEPENDENCIES
  colored (~> 1.2)
  git
  nokogiri (= 1.6.8.1)
  openstudio-analysis (= 1.0.0.rc19)
  openstudio-aws (= 0.5.0.rc8)
  rake (~> 12.3)

BUNDLED WITH
   1.14.6
